

GROUP Example
NUGET
  remote: https://www.nuget.org/api/v2
  specs:
    Prism.Core (6.1)

GROUP FakeBuild
NUGET
  remote: https://www.nuget.org/api/v2
  specs:
    FAKE (4.26)
    NuGet.CommandLine (3.4.3)
    NUnit.Runners (2.6.4)

GROUP UnitTest
NUGET
  remote: https://www.nuget.org/api/v2
  specs:
    FluentAssertions (3.5)
    Moq (4.2.1510.2205)
    NUnit (2.6.4)
    Prism.Core (6.1)
