

GROUP FakeBuild
NUGET
  remote: https://www.nuget.org/api/v2
  specs:
    FAKE (4.25.5)
    NUnit.Runners (2.6.4)

GROUP UnitTest
NUGET
  remote: https://www.nuget.org/api/v2
  specs:
    NUnit (2.6.4)
